GEM
  remote: https://rubygems.org/
  specs:
    dotenv (2.7.6)
    json (2.6.1)
    mustermann (1.1.1)
      ruby2_keywords (~> 0.0.1)
    rack (2.2.3)
    rack-protection (2.2.0)
      rack
    ruby2_keywords (0.0.5)
    sinatra (2.2.0)
      mustermann (~> 1.0)
      rack (~> 2.2)
      rack-protection (= 2.2.0)
      tilt (~> 2.0)
    stripe (5.49.0)
    tilt (2.0.10)

PLATFORMS
  x86_64-linux

DEPENDENCIES
  dotenv
  json
  sinatra
  stripe

BUNDLED WITH
   2.3.7
